GIT
  remote: git://github.com/padrino/padrino-framework.git
  revision: 753e64b11ae9d9f929e3d4c1f4393a13a369ebf3
  specs:
    padrino (0.9.29)
      padrino-admin (= 0.9.29)
      padrino-cache (= 0.9.29)
      padrino-core (= 0.9.29)
      padrino-gen (= 0.9.29)
      padrino-helpers (= 0.9.29)
      padrino-mailer (= 0.9.29)
    padrino-admin (0.9.29)
      padrino-core (= 0.9.29)
      padrino-helpers (= 0.9.29)
    padrino-cache (0.9.29)
      padrino-core (= 0.9.29)
    padrino-core (0.9.29)
      activesupport (~> 3.0.0)
      http_router (~> 0.8.5)
      sinatra (~> 1.2.6)
      thor (~> 0.14.3)
      tilt (~> 1.3.0)
    padrino-gen (0.9.29)
      bundler (~> 1.0.2)
      grit (~> 2.4.1)
      padrino-core (= 0.9.29)
    padrino-helpers (0.9.29)
      i18n (~> 0.5.0)
      padrino-core (= 0.9.29)
    padrino-mailer (0.9.29)
      mail (~> 2.3.0)
      padrino-core (= 0.9.29)

GEM
  remote: http://rubygems.org/
  specs:
    activesupport (3.0.8)
    diff-lcs (1.1.2)
    grit (2.4.1)
      diff-lcs (~> 1.1)
      mime-types (~> 1.15)
    haml (3.1.2)
    http_router (0.8.6)
      rack (>= 1.0.0)
      url_mount (~> 0.2.1)
    i18n (0.5.0)
    mail (2.3.0)
      i18n (>= 0.4.0)
      mime-types (~> 1.16)
      treetop (~> 1.4.8)
    mime-types (1.16)
    polyglot (0.3.1)
    rack (1.3.0)
    sinatra (1.2.6)
      rack (~> 1.1)
      tilt (>= 1.2.2, < 2.0)
    template-inheritance (0.3)
      haml
      tilt
    thor (0.14.6)
    tilt (1.3)
    treetop (1.4.9)
      polyglot (>= 0.3.1)
    url_mount (0.2.1)
      rack

PLATFORMS
  ruby

DEPENDENCIES
  padrino!
  template-inheritance
